GEM
  remote: https://rubygems.org/
  specs:
    backports (3.11.1)
    chef (11.18.12)
      chef-zero (~> 2.2, >= 2.2.1)
      diff-lcs (~> 1.2, >= 1.2.4)
      erubis (~> 2.7)
      ffi-yajl (~> 1.2)
      highline (~> 1.6, >= 1.6.9)
      mime-types (~> 1.16)
      mixlib-authentication (~> 1.3)
      mixlib-cli (~> 1.4)
      mixlib-config (~> 2.0)
      mixlib-log (~> 1.3)
      mixlib-shellout (~> 1.4)
      net-ssh (~> 2.6)
      net-ssh-multi (~> 1.1)
      ohai (~> 7.4)
      plist (~> 3.1.0)
      pry (~> 0.9)
      rest-client (>= 1.0.4, <= 1.6.7)
    chef-zero (2.2.1)
      ffi-yajl (~> 1.1)
      hashie (~> 2.0)
      mixlib-log (~> 1.3)
      rack
    coderay (1.1.2)
    cucumber-core (3.1.0)
      backports (>= 3.8.0)
      cucumber-tag_expressions (~> 1.1.0)
      gherkin (>= 5.0.0)
    cucumber-tag_expressions (1.1.1)
    diff-lcs (1.3)
    erubis (2.7.0)
    ffi (1.9.21)
    ffi-yajl (1.4.0)
      ffi (~> 1.5)
      libyajl2 (~> 1.2)
    foodcritic (11.2.0)
      cucumber-core (>= 1.3)
      erubis
      nokogiri (>= 1.5, < 2.0)
      rake
      rufus-lru (~> 1.0)
      treetop (~> 1.4)
      yajl-ruby (~> 1.1)
    gherkin (5.0.0)
    hashie (2.1.2)
    highline (1.7.10)
    ipaddress (0.8.3)
    libyajl2 (1.2.0)
    method_source (0.9.0)
    mime-types (1.25.1)
    mini_portile2 (2.3.0)
    mixlib-authentication (1.4.2)
    mixlib-cli (1.7.0)
    mixlib-config (2.2.5)
    mixlib-log (1.7.1)
    mixlib-shellout (1.6.1)
    net-ssh (2.9.4)
    net-ssh-gateway (1.3.0)
      net-ssh (>= 2.6.5)
    net-ssh-multi (1.2.1)
      net-ssh (>= 2.6.5)
      net-ssh-gateway (>= 1.2.0)
    nokogiri (1.8.2)
      mini_portile2 (~> 2.3.0)
    ohai (7.4.1)
      ffi (~> 1.9)
      ffi-yajl (~> 1.1)
      ipaddress
      mime-types (~> 1.16)
      mixlib-cli
      mixlib-config (~> 2.0)
      mixlib-log
      mixlib-shellout (~> 1.2)
      systemu (~> 2.6.4)
      wmi-lite (~> 1.0)
    plist (3.1.0)
    polyglot (0.3.5)
    pry (0.11.3)
      coderay (~> 1.1.0)
      method_source (~> 0.9.0)
    rack (2.0.8)
    rake (12.3.0)
    rest-client (1.6.7)
      mime-types (>= 1.16)
    rufus-lru (1.1.0)
    systemu (2.6.5)
    treetop (1.6.9)
      polyglot (~> 0.3)
    wmi-lite (1.0.0)
    yajl-ruby (1.3.1)

PLATFORMS
  ruby

DEPENDENCIES
  chef (~> 11.0)
  foodcritic
  rake

BUNDLED WITH
   1.12.5
